PATH
  remote: .
  specs:
    fluent-plugin-output-raw-udp (0.1.0)

GEM
  remote: https://rubygems.org/
  specs:
    rake (12.3.3)

PLATFORMS
  ruby

DEPENDENCIES
  fluent-plugin-output-raw-udp!
  rake (~> 12.0)

BUNDLED WITH
   2.1.4
